GEM
  remote: https://rubygems.org/
  specs:
    daemons (1.2.4)
    dotenv (2.1.1)
    eventmachine (1.2.0.1)
    intercom (3.5.4)
      json (~> 1.8)
    json (1.8.3)
    rack (1.6.4)
    rack-protection (1.5.3)
      rack
    sinatra (1.4.7)
      rack (~> 1.5)
      rack-protection (~> 1.4)
      tilt (>= 1.3, < 3)
    slim (3.0.7)
      temple (~> 0.7.6)
      tilt (>= 1.3.3, < 2.1)
    temple (0.7.7)
    thin (1.7.0)
      daemons (~> 1.0, >= 1.0.9)
      eventmachine (~> 1.0, >= 1.0.4)
      rack (>= 1, < 3)
    tilt (2.0.5)

PLATFORMS
  ruby

DEPENDENCIES
  dotenv
  intercom
  sinatra
  slim
  thin

BUNDLED WITH
   1.12.4
